GIT
  remote: git://github.com/TheBigBrainsCompany/capistrano-symfony.git
  revision: 84dee10d67b3db37e9e10149069ecff541936eb7
  specs:
    capistrano-symfony (0.3.0)
      capistrano (~> 3.1)
      capistrano-composer (~> 0.0.4)

GIT
  remote: git://github.com/capistrano/capistrano.git
  revision: 2eba1cbd7819469786d8b65058a7372edd4e329f
  branch: master
  specs:
    capistrano (3.4.0)
      i18n
      rake (>= 10.0.0)
      sshkit (>= 1.7.1)

GEM
  remote: https://rubygems.org/
  specs:
    capistrano-composer (0.0.6)
      capistrano (>= 3.0.0.pre)
    colorize (0.7.7)
    i18n (0.7.0)
    net-scp (1.2.1)
      net-ssh (>= 2.6.5)
    net-ssh (3.0.1)
    rake (10.4.2)
    sshkit (1.7.1)
      colorize (>= 0.7.0)
      net-scp (>= 1.1.2)
      net-ssh (>= 2.8.0)

PLATFORMS
  ruby

DEPENDENCIES
  capistrano!
  capistrano-composer
  capistrano-symfony!

BUNDLED WITH
   1.10.6
